RESTRICTION: || (== net452) (== net47) (== net471) (== netstandard2.0)
NUGET
  remote: https://www.nuget.org/api/v2
    Fluent.Extensions (2.0.2)
    FSharp.Core (4.5.2) - redirects: on
    FsUnit (3.1)
      FSharp.Core (>= 4.2.3) - restriction: || (&& (== net452) (>= net46)) (&& (== net452) (>= netstandard2.0)) (== net47) (== net471) (== netstandard2.0)
      NETStandard.Library (>= 2.0.1) - restriction: || (&& (== net452) (>= netstandard2.0)) (&& (== net47) (< net46) (>= netstandard2.0)) (&& (== net471) (< net46)) (== netstandard2.0)
      NUnit (>= 3.9 < 4.0) - restriction: || (&& (== net452) (>= net46)) (&& (== net452) (>= netstandard2.0)) (== net47) (== net471) (== netstandard2.0)
    Microsoft.NETCore.Platforms (2.1) - restriction: || (&& (== net452) (< net45) (>= netstandard1.3)) (&& (== net452) (< portable-net45+win8+wp8+wpa81)) (&& (== net47) (< net45)) (&& (== net47) (< portable-net45+win8+wp8+wpa81)) (&& (== net471) (< net45)) (&& (== net471) (< portable-net45+win8+wp8+wpa81)) (== netstandard2.0)
    Microsoft.NETCore.Targets (2.1) - restriction: || (&& (== net452) (< net45) (>= netstandard1.3)) (&& (== net452) (< portable-net45+win8+wp8+wpa81)) (&& (== net47) (< net45)) (&& (== net47) (< portable-net45+win8+wp8+wpa81)) (&& (== net471) (< net45)) (&& (== net471) (< portable-net45+win8+wp8+wpa81)) (== netstandard2.0)
    NETStandard.Library (2.0.3) - restriction: || (&& (== net452) (== net471)) (&& (== net452) (>= netstandard2.0)) (&& (== net47) (< net46) (>= netstandard2.0)) (&& (== net471) (< net46)) (== netstandard2.0)
      Microsoft.NETCore.Platforms (>= 1.1)
    NUnit (3.10.1)
      NETStandard.Library (>= 2.0) - restriction: || (&& (== net452) (< net20) (>= netstandard2.0)) (&& (== net47) (< net20) (>= netstandard2.0)) (&& (== net471) (< net20)) (== netstandard2.0)
    System.Collections (4.3) - restriction: || (&& (== net452) (< net45) (>= netstandard1.3)) (&& (== net452) (< portable-net45+win8+wp8+wpa81)) (&& (== net47) (< net45)) (&& (== net47) (< portable-net45+win8+wp8+wpa81)) (&& (== net471) (< net45)) (&& (== net471) (< portable-net45+win8+wp8+wpa81)) (== netstandard2.0)
      Microsoft.NETCore.Platforms (>= 1.1) - restriction: || (&& (== net452) (< net45)) (&& (== net452) (< portable-net45+win8+wp8+wpa81)) (&& (== net47) (< net45)) (&& (== net47) (< portable-net45+win8+wp8+wpa81)) (&& (== net471) (< net45)) (&& (== net471) (< portable-net45+win8+wp8+wpa81)) (== netstandard2.0)
      Microsoft.NETCore.Targets (>= 1.1) - restriction: || (&& (== net452) (< net45)) (&& (== net452) (< portable-net45+win8+wp8+wpa81)) (&& (== net47) (< net45)) (&& (== net47) (< portable-net45+win8+wp8+wpa81)) (&& (== net471) (< net45)) (&& (== net471) (< portable-net45+win8+wp8+wpa81)) (== netstandard2.0)
      System.Runtime (>= 4.3) - restriction: || (&& (== net452) (< net45)) (&& (== net452) (< portable-net45+win8+wp8+wpa81)) (&& (== net47) (< net45)) (&& (== net47) (< portable-net45+win8+wp8+wpa81)) (&& (== net471) (< net45)) (&& (== net471) (< portable-net45+win8+wp8+wpa81)) (== netstandard2.0)
    System.Diagnostics.Debug (4.3) - restriction: || (&& (== net452) (< net45) (>= netstandard1.3)) (&& (== net452) (< portable-net45+win8+wp8+wpa81)) (&& (== net47) (< net45)) (&& (== net47) (< portable-net45+win8+wp8+wpa81)) (&& (== net471) (< net45)) (&& (== net471) (< portable-net45+win8+wp8+wpa81)) (== netstandard2.0)
      Microsoft.NETCore.Platforms (>= 1.1) - restriction: || (&& (== net452) (< net45)) (&& (== net452) (< portable-net45+win8+wp8+wpa81)) (&& (== net47) (< net45)) (&& (== net47) (< portable-net45+win8+wp8+wpa81)) (&& (== net471) (< net45)) (&& (== net471) (< portable-net45+win8+wp8+wpa81)) (== netstandard2.0)
      Microsoft.NETCore.Targets (>= 1.1) - restriction: || (&& (== net452) (< net45)) (&& (== net452) (< portable-net45+win8+wp8+wpa81)) (&& (== net47) (< net45)) (&& (== net47) (< portable-net45+win8+wp8+wpa81)) (&& (== net471) (< net45)) (&& (== net471) (< portable-net45+win8+wp8+wpa81)) (== netstandard2.0)
      System.Runtime (>= 4.3) - restriction: || (&& (== net452) (< net45)) (&& (== net452) (< portable-net45+win8+wp8+wpa81)) (&& (== net47) (< net45)) (&& (== net47) (< portable-net45+win8+wp8+wpa81)) (&& (== net471) (< net45)) (&& (== net471) (< portable-net45+win8+wp8+wpa81)) (== netstandard2.0)
    System.Globalization (4.3) - restriction: || (&& (== net452) (< net45) (>= netstandard1.3)) (&& (== net452) (< portable-net45+win8+wp8+wpa81)) (&& (== net47) (< net45)) (&& (== net47) (< portable-net45+win8+wp8+wpa81)) (&& (== net471) (< net45)) (&& (== net471) (< portable-net45+win8+wp8+wpa81)) (== netstandard2.0)
      Microsoft.NETCore.Platforms (>= 1.1) - restriction: || (&& (== net452) (< net45)) (&& (== net452) (< portable-net45+win8+wp8+wpa81)) (&& (== net47) (< net45)) (&& (== net47) (< portable-net45+win8+wp8+wpa81)) (&& (== net471) (< net45)) (&& (== net471) (< portable-net45+win8+wp8+wpa81)) (== netstandard2.0)
      Microsoft.NETCore.Targets (>= 1.1) - restriction: || (&& (== net452) (< net45)) (&& (== net452) (< portable-net45+win8+wp8+wpa81)) (&& (== net47) (< net45)) (&& (== net47) (< portable-net45+win8+wp8+wpa81)) (&& (== net471) (< net45)) (&& (== net471) (< portable-net45+win8+wp8+wpa81)) (== netstandard2.0)
      System.Runtime (>= 4.3) - restriction: || (&& (== net452) (< net45)) (&& (== net452) (< portable-net45+win8+wp8+wpa81)) (&& (== net47) (< net45)) (&& (== net47) (< portable-net45+win8+wp8+wpa81)) (&& (== net471) (< net45)) (&& (== net471) (< portable-net45+win8+wp8+wpa81)) (== netstandard2.0)
    System.IO (4.3) - restriction: || (&& (== net452) (< net45)) (&& (== net452) (< portable-net45+win8+wp8+wpa81)) (&& (== net47) (< net45)) (&& (== net47) (< portable-net45+win8+wp8+wpa81)) (&& (== net471) (< net45)) (&& (== net471) (< portable-net45+win8+wp8+wpa81)) (== netstandard2.0)
      Microsoft.NETCore.Platforms (>= 1.1) - restriction: || (&& (== net452) (< net45)) (&& (== net452) (< portable-net45+win8+wp8+wpa81)) (&& (== net47) (< net45)) (&& (== net47) (< portable-net45+win8+wp8+wpa81)) (&& (== net471) (< net45)) (&& (== net471) (< portable-net45+win8+wp8+wpa81)) (== netstandard2.0)
      Microsoft.NETCore.Targets (>= 1.1) - restriction: || (&& (== net452) (< net45)) (&& (== net452) (< portable-net45+win8+wp8+wpa81)) (&& (== net47) (< net45)) (&& (== net47) (< portable-net45+win8+wp8+wpa81)) (&& (== net471) (< net45)) (&& (== net471) (< portable-net45+win8+wp8+wpa81)) (== netstandard2.0)
      System.Runtime (>= 4.3) - restriction: || (&& (== net452) (< net45)) (&& (== net452) (< portable-net45+win8+wp8+wpa81)) (&& (== net47) (< net45)) (&& (== net47) (< portable-net45+win8+wp8+wpa81)) (&& (== net471) (< net45)) (&& (== net471) (< portable-net45+win8+wp8+wpa81)) (== netstandard2.0)
      System.Text.Encoding (>= 4.3) - restriction: || (&& (== net452) (< net45)) (&& (== net452) (< portable-net45+win8+wp8+wpa81)) (&& (== net47) (< net45)) (&& (== net47) (< portable-net45+win8+wp8+wpa81)) (&& (== net471) (< net45)) (&& (== net471) (< portable-net45+win8+wp8+wpa81)) (== netstandard2.0)
      System.Threading.Tasks (>= 4.3) - restriction: || (&& (== net452) (< net45)) (&& (== net452) (< portable-net45+win8+wp8+wpa81)) (&& (== net47) (< net45)) (&& (== net47) (< portable-net45+win8+wp8+wpa81)) (&& (== net471) (< net45)) (&& (== net471) (< portable-net45+win8+wp8+wpa81)) (== netstandard2.0)
    System.IO.FileSystem (4.3) - restriction: || (&& (== net452) (< net45) (>= netstandard1.3)) (&& (== net452) (< portable-net45+win8+wp8+wpa81)) (&& (== net47) (< net45)) (&& (== net47) (< portable-net45+win8+wp8+wpa81)) (&& (== net471) (< net45)) (&& (== net471) (< portable-net45+win8+wp8+wpa81)) (== netstandard2.0)
      Microsoft.NETCore.Platforms (>= 1.1) - restriction: || (&& (== net452) (>= netstandard1.3)) (&& (== net47) (< net46)) (&& (== net471) (< net46)) (== netstandard2.0)
      Microsoft.NETCore.Targets (>= 1.1) - restriction: || (&& (== net452) (>= netstandard1.3)) (&& (== net47) (< net46)) (&& (== net471) (< net46)) (== netstandard2.0)
      System.IO (>= 4.3) - restriction: || (&& (== net452) (>= netstandard1.3)) (&& (== net47) (< net46)) (&& (== net471) (< net46)) (== netstandard2.0)
      System.IO.FileSystem.Primitives (>= 4.3) - restriction: || (&& (== net452) (>= net46)) (&& (== net452) (>= netstandard1.3)) (== net47) (== net471) (== netstandard2.0)
      System.Runtime (>= 4.3) - restriction: || (&& (== net452) (>= netstandard1.3)) (&& (== net47) (< net46)) (&& (== net471) (< net46)) (== netstandard2.0)
      System.Runtime.Handles (>= 4.3) - restriction: || (&& (== net452) (>= netstandard1.3)) (&& (== net47) (< net46)) (&& (== net471) (< net46)) (== netstandard2.0)
      System.Text.Encoding (>= 4.3) - restriction: || (&& (== net452) (>= netstandard1.3)) (&& (== net47) (< net46)) (&& (== net471) (< net46)) (== netstandard2.0)
      System.Threading.Tasks (>= 4.3) - restriction: || (&& (== net452) (>= netstandard1.3)) (&& (== net47) (< net46)) (&& (== net471) (< net46)) (== netstandard2.0)
    System.IO.FileSystem.Primitives (4.3) - restriction: || (&& (== net452) (< net45) (>= netstandard1.3)) (&& (== net452) (< portable-net45+win8+wp8+wpa81)) (&& (== net47) (< net45)) (&& (== net47) (< portable-net45+win8+wp8+wpa81)) (&& (== net471) (< net45)) (&& (== net471) (< portable-net45+win8+wp8+wpa81)) (== netstandard2.0)
      System.Runtime (>= 4.3) - restriction: || (&& (== net452) (>= netstandard1.3)) (&& (== net47) (< net46)) (&& (== net471) (< net46)) (== netstandard2.0)
    System.Reflection (4.3) - restriction: || (&& (== net452) (< net45) (>= netstandard1.3)) (&& (== net452) (< portable-net45+win8+wp8+wpa81)) (&& (== net47) (< net45)) (&& (== net47) (< portable-net45+win8+wp8+wpa81)) (&& (== net471) (< net45)) (&& (== net471) (< portable-net45+win8+wp8+wpa81)) (== netstandard2.0)
      Microsoft.NETCore.Platforms (>= 1.1) - restriction: || (&& (== net452) (< net45)) (&& (== net452) (< portable-net45+win8+wp8+wpa81)) (&& (== net47) (< net45)) (&& (== net47) (< portable-net45+win8+wp8+wpa81)) (&& (== net471) (< net45)) (&& (== net471) (< portable-net45+win8+wp8+wpa81)) (== netstandard2.0)
      Microsoft.NETCore.Targets (>= 1.1) - restriction: || (&& (== net452) (< net45)) (&& (== net452) (< portable-net45+win8+wp8+wpa81)) (&& (== net47) (< net45)) (&& (== net47) (< portable-net45+win8+wp8+wpa81)) (&& (== net471) (< net45)) (&& (== net471) (< portable-net45+win8+wp8+wpa81)) (== netstandard2.0)
      System.IO (>= 4.3) - restriction: || (&& (== net452) (< net45)) (&& (== net452) (< portable-net45+win8+wp8+wpa81)) (&& (== net47) (< net45)) (&& (== net47) (< portable-net45+win8+wp8+wpa81)) (&& (== net471) (< net45)) (&& (== net471) (< portable-net45+win8+wp8+wpa81)) (== netstandard2.0)
      System.Reflection.Primitives (>= 4.3) - restriction: || (&& (== net452) (< net45)) (&& (== net452) (< portable-net45+win8+wp8+wpa81)) (&& (== net47) (< net45)) (&& (== net47) (< portable-net45+win8+wp8+wpa81)) (&& (== net471) (< net45)) (&& (== net471) (< portable-net45+win8+wp8+wpa81)) (== netstandard2.0)
      System.Runtime (>= 4.3) - restriction: || (&& (== net452) (< net45)) (&& (== net452) (< portable-net45+win8+wp8+wpa81)) (&& (== net47) (< net45)) (&& (== net47) (< portable-net45+win8+wp8+wpa81)) (&& (== net471) (< net45)) (&& (== net471) (< portable-net45+win8+wp8+wpa81)) (== netstandard2.0)
    System.Reflection.Primitives (4.3) - restriction: || (&& (== net452) (< net45) (>= netstandard1.3)) (&& (== net452) (< net45) (>= netstandard1.5)) (&& (== net452) (>= netcoreapp1.1)) (&& (== net452) (>= netstandard1.3) (< portable-net45+win8+wpa81)) (&& (== net452) (< portable-net45+win8+wp8+wpa81)) (&& (== net47) (< net45)) (&& (== net47) (>= netcoreapp1.1)) (&& (== net47) (< portable-net45+win8+wp8+wpa81)) (&& (== net47) (< portable-net45+win8+wpa81)) (&& (== net471) (< net45)) (&& (== net471) (>= netcoreapp1.1)) (&& (== net471) (< portable-net45+win8+wp8+wpa81)) (&& (== net471) (< portable-net45+win8+wpa81)) (== netstandard2.0)
      Microsoft.NETCore.Platforms (>= 1.1) - restriction: || (&& (== net452) (< net45)) (&& (== net452) (< portable-net45+win8+wp8+wpa81)) (&& (== net47) (< net45)) (&& (== net47) (< portable-net45+win8+wp8+wpa81)) (&& (== net471) (< net45)) (&& (== net471) (< portable-net45+win8+wp8+wpa81)) (== netstandard2.0)
      Microsoft.NETCore.Targets (>= 1.1) - restriction: || (&& (== net452) (< net45)) (&& (== net452) (< portable-net45+win8+wp8+wpa81)) (&& (== net47) (< net45)) (&& (== net47) (< portable-net45+win8+wp8+wpa81)) (&& (== net471) (< net45)) (&& (== net471) (< portable-net45+win8+wp8+wpa81)) (== netstandard2.0)
      System.Runtime (>= 4.3) - restriction: || (&& (== net452) (< net45)) (&& (== net452) (< portable-net45+win8+wp8+wpa81)) (&& (== net47) (< net45)) (&& (== net47) (< portable-net45+win8+wp8+wpa81)) (&& (== net471) (< net45)) (&& (== net471) (< portable-net45+win8+wp8+wpa81)) (== netstandard2.0)
    System.Resources.ResourceManager (4.3) - restriction: || (&& (== net452) (< net45) (>= netstandard1.3)) (&& (== net452) (< portable-net45+win8+wp8+wpa81)) (&& (== net47) (< net45)) (&& (== net47) (< portable-net45+win8+wp8+wpa81)) (&& (== net471) (< net45)) (&& (== net471) (< portable-net45+win8+wp8+wpa81)) (== netstandard2.0)
      Microsoft.NETCore.Platforms (>= 1.1) - restriction: || (&& (== net452) (< net45)) (&& (== net452) (< portable-net45+win8+wp8+wpa81)) (&& (== net47) (< net45)) (&& (== net47) (< portable-net45+win8+wp8+wpa81)) (&& (== net471) (< net45)) (&& (== net471) (< portable-net45+win8+wp8+wpa81)) (== netstandard2.0)
      Microsoft.NETCore.Targets (>= 1.1) - restriction: || (&& (== net452) (< net45)) (&& (== net452) (< portable-net45+win8+wp8+wpa81)) (&& (== net47) (< net45)) (&& (== net47) (< portable-net45+win8+wp8+wpa81)) (&& (== net471) (< net45)) (&& (== net471) (< portable-net45+win8+wp8+wpa81)) (== netstandard2.0)
      System.Globalization (>= 4.3) - restriction: || (&& (== net452) (< net45)) (&& (== net452) (< portable-net45+win8+wp8+wpa81)) (&& (== net47) (< net45)) (&& (== net47) (< portable-net45+win8+wp8+wpa81)) (&& (== net471) (< net45)) (&& (== net471) (< portable-net45+win8+wp8+wpa81)) (== netstandard2.0)
      System.Reflection (>= 4.3) - restriction: || (&& (== net452) (< net45)) (&& (== net452) (< portable-net45+win8+wp8+wpa81)) (&& (== net47) (< net45)) (&& (== net47) (< portable-net45+win8+wp8+wpa81)) (&& (== net471) (< net45)) (&& (== net471) (< portable-net45+win8+wp8+wpa81)) (== netstandard2.0)
      System.Runtime (>= 4.3) - restriction: || (&& (== net452) (< net45)) (&& (== net452) (< portable-net45+win8+wp8+wpa81)) (&& (== net47) (< net45)) (&& (== net47) (< portable-net45+win8+wp8+wpa81)) (&& (== net471) (< net45)) (&& (== net471) (< portable-net45+win8+wp8+wpa81)) (== netstandard2.0)
    System.Runtime (4.3) - restriction: || (&& (== net452) (< net45)) (&& (== net452) (< portable-net45+win8+wp8+wpa81)) (&& (== net47) (< net45)) (&& (== net47) (< portable-net45+win8+wp8+wpa81)) (&& (== net471) (< net45)) (&& (== net471) (< portable-net45+win8+wp8+wpa81)) (== netstandard2.0)
      Microsoft.NETCore.Platforms (>= 1.1) - restriction: || (&& (== net452) (< net45)) (&& (== net452) (< portable-net45+win8+wp8+wpa81)) (&& (== net47) (< net45)) (&& (== net47) (< portable-net45+win8+wp8+wpa81)) (&& (== net471) (< net45)) (&& (== net471) (< portable-net45+win8+wp8+wpa81)) (== netstandard2.0)
      Microsoft.NETCore.Targets (>= 1.1) - restriction: || (&& (== net452) (< net45)) (&& (== net452) (< portable-net45+win8+wp8+wpa81)) (&& (== net47) (< net45)) (&& (== net47) (< portable-net45+win8+wp8+wpa81)) (&& (== net471) (< net45)) (&& (== net471) (< portable-net45+win8+wp8+wpa81)) (== netstandard2.0)
    System.Runtime.CompilerServices.Unsafe (4.5.1) - restriction: || (&& (== net452) (== net471) (>= wpa81)) (&& (== net452) (< net45) (>= netstandard1.3)) (&& (== net452) (< net45) (>= netstandard2.0)) (&& (== net452) (< netstandard1.0) (>= netstandard1.3)) (&& (== net452) (>= netstandard1.3) (>= wp8)) (&& (== net452) (>= netstandard1.3) (>= wpa81)) (&& (== net452) (< portable-net45+win8+wp8+wpa81)) (&& (== net47) (< net45)) (&& (== net47) (< netstandard1.0)) (&& (== net47) (< portable-net45+win8+wp8+wpa81)) (&& (== net47) (>= wp8)) (&& (== net47) (>= wpa81)) (&& (== net471) (< net45)) (&& (== net471) (< netstandard1.0)) (&& (== net471) (< netstandard2.0) (>= wpa81)) (&& (== net471) (< portable-net45+win8+wp8+wpa81)) (&& (== net471) (>= wp8)) (== netstandard2.0)
    System.Runtime.Extensions (4.3) - restriction: || (&& (== net452) (< net45) (>= netstandard1.3)) (&& (== net452) (< portable-net45+win8+wp8+wpa81)) (&& (== net47) (< net45)) (&& (== net47) (< portable-net45+win8+wp8+wpa81)) (&& (== net471) (< net45)) (&& (== net471) (< portable-net45+win8+wp8+wpa81)) (== netstandard2.0)
      Microsoft.NETCore.Platforms (>= 1.1) - restriction: || (&& (== net452) (< net45)) (&& (== net452) (< portable-net45+win8+wp8+wpa81)) (&& (== net47) (< net45)) (&& (== net47) (< portable-net45+win8+wp8+wpa81)) (&& (== net471) (< net45)) (&& (== net471) (< portable-net45+win8+wp8+wpa81)) (== netstandard2.0)
      Microsoft.NETCore.Targets (>= 1.1) - restriction: || (&& (== net452) (< net45)) (&& (== net452) (< portable-net45+win8+wp8+wpa81)) (&& (== net47) (< net45)) (&& (== net47) (< portable-net45+win8+wp8+wpa81)) (&& (== net471) (< net45)) (&& (== net471) (< portable-net45+win8+wp8+wpa81)) (== netstandard2.0)
      System.Runtime (>= 4.3) - restriction: || (&& (== net452) (< net45)) (&& (== net452) (< portable-net45+win8+wp8+wpa81)) (&& (== net47) (< net45)) (&& (== net47) (< portable-net45+win8+wp8+wpa81)) (&& (== net471) (< net45)) (&& (== net471) (< portable-net45+win8+wp8+wpa81)) (== netstandard2.0)
    System.Runtime.Handles (4.3) - restriction: || (&& (== net452) (< net45) (>= netstandard1.3)) (&& (== net452) (>= netstandard1.3) (< portable-net45+win8+wp8+wpa81)) (&& (== net47) (< net45)) (&& (== net47) (< portable-net45+win8+wp8+wpa81)) (&& (== net471) (< net45)) (&& (== net471) (< portable-net45+win8+wp8+wpa81)) (== netstandard2.0)
      Microsoft.NETCore.Platforms (>= 1.1) - restriction: || (&& (== net452) (>= netstandard1.3)) (&& (== net47) (< net46)) (&& (== net471) (< net46)) (== netstandard2.0)
      Microsoft.NETCore.Targets (>= 1.1) - restriction: || (&& (== net452) (>= netstandard1.3)) (&& (== net47) (< net46)) (&& (== net471) (< net46)) (== netstandard2.0)
      System.Runtime (>= 4.3) - restriction: || (&& (== net452) (>= netstandard1.3)) (&& (== net47) (< net46)) (&& (== net471) (< net46)) (== netstandard2.0)
    System.Runtime.InteropServices (4.3) - restriction: || (&& (== net452) (< net45) (>= netstandard1.3)) (&& (== net452) (< portable-net45+win8+wp8+wpa81)) (&& (== net47) (< net45)) (&& (== net47) (< portable-net45+win8+wp8+wpa81)) (&& (== net471) (< net45)) (&& (== net471) (< portable-net45+win8+wp8+wpa81)) (== netstandard2.0)
      Microsoft.NETCore.Platforms (>= 1.1) - restriction: || (&& (== net452) (< net45)) (&& (== net452) (>= netcoreapp1.1)) (&& (== net452) (< portable-net45+win8+wpa81)) (&& (== net47) (< net45)) (&& (== net47) (>= netcoreapp1.1)) (&& (== net47) (< portable-net45+win8+wpa81)) (&& (== net471) (< net45)) (&& (== net471) (>= netcoreapp1.1)) (&& (== net471) (< portable-net45+win8+wpa81)) (== netstandard2.0)
      Microsoft.NETCore.Targets (>= 1.1) - restriction: || (&& (== net452) (< net45)) (&& (== net452) (>= netcoreapp1.1)) (&& (== net452) (< portable-net45+win8+wpa81)) (&& (== net47) (< net45)) (&& (== net47) (>= netcoreapp1.1)) (&& (== net47) (< portable-net45+win8+wpa81)) (&& (== net471) (< net45)) (&& (== net471) (>= netcoreapp1.1)) (&& (== net471) (< portable-net45+win8+wpa81)) (== netstandard2.0)
      System.Reflection (>= 4.3) - restriction: || (&& (== net452) (< net45)) (&& (== net452) (>= netcoreapp1.1)) (&& (== net452) (< portable-net45+win8+wpa81)) (&& (== net47) (< net45)) (&& (== net47) (>= netcoreapp1.1)) (&& (== net47) (< portable-net45+win8+wpa81)) (&& (== net471) (< net45)) (&& (== net471) (>= netcoreapp1.1)) (&& (== net471) (< portable-net45+win8+wpa81)) (== netstandard2.0)
      System.Reflection.Primitives (>= 4.3) - restriction: || (&& (== net452) (< net45)) (&& (== net452) (>= netcoreapp1.1)) (&& (== net452) (< portable-net45+win8+wpa81)) (&& (== net47) (< net45)) (&& (== net47) (>= netcoreapp1.1)) (&& (== net47) (< portable-net45+win8+wpa81)) (&& (== net471) (< net45)) (&& (== net471) (>= netcoreapp1.1)) (&& (== net471) (< portable-net45+win8+wpa81)) (== netstandard2.0)
      System.Runtime (>= 4.3) - restriction: || (&& (== net452) (< net45)) (&& (== net452) (>= net462)) (&& (== net452) (>= netcoreapp1.1)) (&& (== net452) (< portable-net45+win8+wpa81)) (== net47) (== net471) (== netstandard2.0)
      System.Runtime.Handles (>= 4.3) - restriction: || (&& (== net452) (< net45) (>= netstandard1.3)) (&& (== net452) (< net45) (>= netstandard1.5)) (&& (== net452) (>= netcoreapp1.1)) (&& (== net452) (< portable-net45+win8+wpa81)) (&& (== net47) (< net45)) (&& (== net47) (>= netcoreapp1.1)) (&& (== net47) (< portable-net45+win8+wpa81)) (&& (== net471) (< net45)) (&& (== net471) (>= netcoreapp1.1)) (&& (== net471) (< portable-net45+win8+wpa81)) (== netstandard2.0)
    System.Text.Encoding (4.3) - restriction: || (&& (== net452) (< net45)) (&& (== net452) (< portable-net45+win8+wp8+wpa81)) (&& (== net47) (< net45)) (&& (== net47) (< portable-net45+win8+wp8+wpa81)) (&& (== net471) (< net45)) (&& (== net471) (< portable-net45+win8+wp8+wpa81)) (== netstandard2.0)
      Microsoft.NETCore.Platforms (>= 1.1) - restriction: || (&& (== net452) (< net45)) (&& (== net452) (< portable-net45+win8+wp8+wpa81)) (&& (== net47) (< net45)) (&& (== net47) (< portable-net45+win8+wp8+wpa81)) (&& (== net471) (< net45)) (&& (== net471) (< portable-net45+win8+wp8+wpa81)) (== netstandard2.0)
      Microsoft.NETCore.Targets (>= 1.1) - restriction: || (&& (== net452) (< net45)) (&& (== net452) (< portable-net45+win8+wp8+wpa81)) (&& (== net47) (< net45)) (&& (== net47) (< portable-net45+win8+wp8+wpa81)) (&& (== net471) (< net45)) (&& (== net471) (< portable-net45+win8+wp8+wpa81)) (== netstandard2.0)
      System.Runtime (>= 4.3) - restriction: || (&& (== net452) (< net45)) (&& (== net452) (< portable-net45+win8+wp8+wpa81)) (&& (== net47) (< net45)) (&& (== net47) (< portable-net45+win8+wp8+wpa81)) (&& (== net471) (< net45)) (&& (== net471) (< portable-net45+win8+wp8+wpa81)) (== netstandard2.0)
    System.Text.Encoding.Extensions (4.3) - restriction: || (&& (== net452) (< net45) (>= netstandard1.3)) (&& (== net452) (< portable-net45+win8+wp8+wpa81)) (&& (== net47) (< net45)) (&& (== net47) (< portable-net45+win8+wp8+wpa81)) (&& (== net471) (< net45)) (&& (== net471) (< portable-net45+win8+wp8+wpa81)) (== netstandard2.0)
      Microsoft.NETCore.Platforms (>= 1.1) - restriction: || (&& (== net452) (< net45)) (&& (== net452) (< portable-net45+win8+wp8+wpa81)) (&& (== net47) (< net45)) (&& (== net47) (< portable-net45+win8+wp8+wpa81)) (&& (== net471) (< net45)) (&& (== net471) (< portable-net45+win8+wp8+wpa81)) (== netstandard2.0)
      Microsoft.NETCore.Targets (>= 1.1) - restriction: || (&& (== net452) (< net45)) (&& (== net452) (< portable-net45+win8+wp8+wpa81)) (&& (== net47) (< net45)) (&& (== net47) (< portable-net45+win8+wp8+wpa81)) (&& (== net471) (< net45)) (&& (== net471) (< portable-net45+win8+wp8+wpa81)) (== netstandard2.0)
      System.Runtime (>= 4.3) - restriction: || (&& (== net452) (< net45)) (&& (== net452) (< portable-net45+win8+wp8+wpa81)) (&& (== net47) (< net45)) (&& (== net47) (< portable-net45+win8+wp8+wpa81)) (&& (== net471) (< net45)) (&& (== net471) (< portable-net45+win8+wp8+wpa81)) (== netstandard2.0)
      System.Text.Encoding (>= 4.3) - restriction: || (&& (== net452) (< net45)) (&& (== net452) (< portable-net45+win8+wp8+wpa81)) (&& (== net47) (< net45)) (&& (== net47) (< portable-net45+win8+wp8+wpa81)) (&& (== net471) (< net45)) (&& (== net471) (< portable-net45+win8+wp8+wpa81)) (== netstandard2.0)
    System.Text.RegularExpressions (4.3) - restriction: || (&& (== net452) (< net45) (>= netstandard1.3)) (&& (== net452) (< portable-net45+win8+wp8+wpa81)) (&& (== net47) (< net45)) (&& (== net47) (< portable-net45+win8+wp8+wpa81)) (&& (== net471) (< net45)) (&& (== net471) (< portable-net45+win8+wp8+wpa81)) (== netstandard2.0)
      System.Collections (>= 4.3) - restriction: || (&& (== net452) (< net45) (>= netstandard1.6)) (&& (== net452) (< portable-net45+win8+wp8+wpa81)) (&& (== net47) (< net45) (>= netstandard1.6)) (&& (== net47) (< portable-net45+win8+wp8+wpa81)) (&& (== net471) (< net45)) (&& (== net471) (< portable-net45+win8+wp8+wpa81)) (== netstandard2.0)
      System.Globalization (>= 4.3) - restriction: || (&& (== net452) (< net45) (>= netstandard1.6)) (&& (== net452) (< portable-net45+win8+wp8+wpa81)) (&& (== net47) (< net45) (>= netstandard1.6)) (&& (== net47) (< portable-net45+win8+wp8+wpa81)) (&& (== net471) (< net45)) (&& (== net471) (< portable-net45+win8+wp8+wpa81)) (== netstandard2.0)
      System.Resources.ResourceManager (>= 4.3) - restriction: || (&& (== net452) (< net45) (>= netstandard1.6)) (&& (== net452) (< portable-net45+win8+wp8+wpa81)) (&& (== net47) (< net45) (>= netstandard1.6)) (&& (== net47) (< portable-net45+win8+wp8+wpa81)) (&& (== net471) (< net45)) (&& (== net471) (< portable-net45+win8+wp8+wpa81)) (== netstandard2.0)
      System.Runtime (>= 4.3) - restriction: || (&& (== net452) (< net45)) (&& (== net452) (>= netcoreapp1.1)) (&& (== net452) (< portable-net45+win8+wp8+wpa81)) (&& (== net47) (< net45)) (&& (== net47) (>= netcoreapp1.1)) (&& (== net47) (< portable-net45+win8+wp8+wpa81)) (&& (== net471) (< net45)) (&& (== net471) (>= netcoreapp1.1)) (&& (== net471) (< portable-net45+win8+wp8+wpa81)) (== netstandard2.0)
      System.Runtime.Extensions (>= 4.3) - restriction: || (&& (== net452) (< net45) (>= netstandard1.6)) (&& (== net452) (< portable-net45+win8+wp8+wpa81)) (&& (== net47) (< net45) (>= netstandard1.6)) (&& (== net47) (< portable-net45+win8+wp8+wpa81)) (&& (== net471) (< net45)) (&& (== net471) (< portable-net45+win8+wp8+wpa81)) (== netstandard2.0)
      System.Threading (>= 4.3) - restriction: || (&& (== net452) (< net45) (>= netstandard1.6)) (&& (== net452) (< portable-net45+win8+wp8+wpa81)) (&& (== net47) (< net45) (>= netstandard1.6)) (&& (== net47) (< portable-net45+win8+wp8+wpa81)) (&& (== net471) (< net45)) (&& (== net471) (< portable-net45+win8+wp8+wpa81)) (== netstandard2.0)
    System.Threading (4.3) - restriction: || (&& (== net452) (< net45) (>= netstandard1.6)) (&& (== net452) (< portable-net45+win8+wp8+wpa81)) (&& (== net47) (< net45) (>= netstandard1.6)) (&& (== net47) (< portable-net45+win8+wp8+wpa81)) (&& (== net471) (< net45)) (&& (== net471) (< portable-net45+win8+wp8+wpa81)) (== netstandard2.0)
      System.Runtime (>= 4.3) - restriction: || (&& (== net452) (< net45)) (&& (== net452) (< portable-net45+win8+wp8+wpa81)) (&& (== net47) (< net45)) (&& (== net47) (< portable-net45+win8+wp8+wpa81)) (&& (== net471) (< net45)) (&& (== net471) (< portable-net45+win8+wp8+wpa81)) (== netstandard2.0)
      System.Threading.Tasks (>= 4.3) - restriction: || (&& (== net452) (< net45)) (&& (== net452) (< portable-net45+win8+wp8+wpa81)) (&& (== net47) (< net45)) (&& (== net47) (< portable-net45+win8+wp8+wpa81)) (&& (== net471) (< net45)) (&& (== net471) (< portable-net45+win8+wp8+wpa81)) (== netstandard2.0)
    System.Threading.Tasks (4.3) - restriction: || (&& (== net452) (< net45)) (&& (== net452) (< portable-net45+win8+wp8+wpa81)) (&& (== net47) (< net45)) (&& (== net47) (< portable-net45+win8+wp8+wpa81)) (&& (== net471) (< net45)) (&& (== net471) (< portable-net45+win8+wp8+wpa81)) (== netstandard2.0)
      Microsoft.NETCore.Platforms (>= 1.1) - restriction: || (&& (== net452) (< net45)) (&& (== net452) (< portable-net45+win8+wp8+wpa81)) (&& (== net47) (< net45)) (&& (== net47) (< portable-net45+win8+wp8+wpa81)) (&& (== net471) (< net45)) (&& (== net471) (< portable-net45+win8+wp8+wpa81)) (== netstandard2.0)
      Microsoft.NETCore.Targets (>= 1.1) - restriction: || (&& (== net452) (< net45)) (&& (== net452) (< portable-net45+win8+wp8+wpa81)) (&& (== net47) (< net45)) (&& (== net47) (< portable-net45+win8+wp8+wpa81)) (&& (== net471) (< net45)) (&& (== net471) (< portable-net45+win8+wp8+wpa81)) (== netstandard2.0)
      System.Runtime (>= 4.3) - restriction: || (&& (== net452) (< net45)) (&& (== net452) (< portable-net45+win8+wp8+wpa81)) (&& (== net47) (< net45)) (&& (== net47) (< portable-net45+win8+wp8+wpa81)) (&& (== net471) (< net45)) (&& (== net471) (< portable-net45+win8+wp8+wpa81)) (== netstandard2.0)
    System.Threading.Tasks.Extensions (4.5.1) - restriction: || (&& (== net452) (< net45) (>= netstandard1.3)) (&& (== net452) (< portable-net45+win8+wp8+wpa81)) (&& (== net47) (< net45)) (&& (== net47) (< portable-net45+win8+wp8+wpa81)) (&& (== net471) (< net45)) (&& (== net471) (< portable-net45+win8+wp8+wpa81)) (== netstandard2.0)
      System.Runtime.CompilerServices.Unsafe (>= 4.5)
    System.Xml.ReaderWriter (4.3.1)
      System.Collections (>= 4.3) - restriction: || (&& (== net452) (< net45) (>= netstandard1.3)) (&& (== net452) (< portable-net45+win8+wp8+wpa81)) (&& (== net47) (< net45)) (&& (== net47) (< portable-net45+win8+wp8+wpa81)) (&& (== net471) (< net45)) (&& (== net471) (< portable-net45+win8+wp8+wpa81)) (== netstandard2.0)
      System.Diagnostics.Debug (>= 4.3) - restriction: || (&& (== net452) (< net45) (>= netstandard1.3)) (&& (== net452) (< portable-net45+win8+wp8+wpa81)) (&& (== net47) (< net45)) (&& (== net47) (< portable-net45+win8+wp8+wpa81)) (&& (== net471) (< net45)) (&& (== net471) (< portable-net45+win8+wp8+wpa81)) (== netstandard2.0)
      System.Globalization (>= 4.3) - restriction: || (&& (== net452) (< net45) (>= netstandard1.3)) (&& (== net452) (< portable-net45+win8+wp8+wpa81)) (&& (== net47) (< net45)) (&& (== net47) (< portable-net45+win8+wp8+wpa81)) (&& (== net471) (< net45)) (&& (== net471) (< portable-net45+win8+wp8+wpa81)) (== netstandard2.0)
      System.IO (>= 4.3) - restriction: || (&& (== net452) (< net45)) (&& (== net452) (< portable-net45+win8+wp8+wpa81)) (&& (== net47) (< net45)) (&& (== net47) (< portable-net45+win8+wp8+wpa81)) (&& (== net471) (< net45)) (&& (== net471) (< portable-net45+win8+wp8+wpa81)) (== netstandard2.0)
      System.IO.FileSystem (>= 4.3) - restriction: || (&& (== net452) (< net45) (>= netstandard1.3)) (&& (== net452) (< portable-net45+win8+wp8+wpa81)) (&& (== net47) (< net45)) (&& (== net47) (< portable-net45+win8+wp8+wpa81)) (&& (== net471) (< net45)) (&& (== net471) (< portable-net45+win8+wp8+wpa81)) (== netstandard2.0)
      System.IO.FileSystem.Primitives (>= 4.3) - restriction: || (&& (== net452) (< net45) (>= netstandard1.3)) (&& (== net452) (< portable-net45+win8+wp8+wpa81)) (&& (== net47) (< net45)) (&& (== net47) (< portable-net45+win8+wp8+wpa81)) (&& (== net471) (< net45)) (&& (== net471) (< portable-net45+win8+wp8+wpa81)) (== netstandard2.0)
      System.Resources.ResourceManager (>= 4.3) - restriction: || (&& (== net452) (< net45) (>= netstandard1.3)) (&& (== net452) (< portable-net45+win8+wp8+wpa81)) (&& (== net47) (< net45)) (&& (== net47) (< portable-net45+win8+wp8+wpa81)) (&& (== net471) (< net45)) (&& (== net471) (< portable-net45+win8+wp8+wpa81)) (== netstandard2.0)
      System.Runtime (>= 4.3) - restriction: || (&& (== net452) (< net45)) (&& (== net452) (< portable-net45+win8+wp8+wpa81)) (&& (== net47) (< net45)) (&& (== net47) (< portable-net45+win8+wp8+wpa81)) (&& (== net471) (< net45)) (&& (== net471) (< portable-net45+win8+wp8+wpa81)) (== netstandard2.0)
      System.Runtime.Extensions (>= 4.3) - restriction: || (&& (== net452) (< net45) (>= netstandard1.3)) (&& (== net452) (< portable-net45+win8+wp8+wpa81)) (&& (== net47) (< net45)) (&& (== net47) (< portable-net45+win8+wp8+wpa81)) (&& (== net471) (< net45)) (&& (== net471) (< portable-net45+win8+wp8+wpa81)) (== netstandard2.0)
      System.Runtime.InteropServices (>= 4.3) - restriction: || (&& (== net452) (< net45) (>= netstandard1.3)) (&& (== net452) (< portable-net45+win8+wp8+wpa81)) (&& (== net47) (< net45)) (&& (== net47) (< portable-net45+win8+wp8+wpa81)) (&& (== net471) (< net45)) (&& (== net471) (< portable-net45+win8+wp8+wpa81)) (== netstandard2.0)
      System.Text.Encoding (>= 4.3) - restriction: || (&& (== net452) (< net45)) (&& (== net452) (< portable-net45+win8+wp8+wpa81)) (&& (== net47) (< net45)) (&& (== net47) (< portable-net45+win8+wp8+wpa81)) (&& (== net471) (< net45)) (&& (== net471) (< portable-net45+win8+wp8+wpa81)) (== netstandard2.0)
      System.Text.Encoding.Extensions (>= 4.3) - restriction: || (&& (== net452) (< net45) (>= netstandard1.3)) (&& (== net452) (< portable-net45+win8+wp8+wpa81)) (&& (== net47) (< net45)) (&& (== net47) (< portable-net45+win8+wp8+wpa81)) (&& (== net471) (< net45)) (&& (== net471) (< portable-net45+win8+wp8+wpa81)) (== netstandard2.0)
      System.Text.RegularExpressions (>= 4.3) - restriction: || (&& (== net452) (< net45) (>= netstandard1.3)) (&& (== net452) (< portable-net45+win8+wp8+wpa81)) (&& (== net47) (< net45)) (&& (== net47) (< portable-net45+win8+wp8+wpa81)) (&& (== net471) (< net45)) (&& (== net471) (< portable-net45+win8+wp8+wpa81)) (== netstandard2.0)
      System.Threading.Tasks (>= 4.3) - restriction: || (&& (== net452) (< net45)) (&& (== net452) (< portable-net45+win8+wp8+wpa81)) (&& (== net47) (< net45)) (&& (== net47) (< portable-net45+win8+wp8+wpa81)) (&& (== net471) (< net45)) (&& (== net471) (< portable-net45+win8+wp8+wpa81)) (== netstandard2.0)
      System.Threading.Tasks.Extensions (>= 4.3) - restriction: || (&& (== net452) (< net45) (>= netstandard1.3)) (&& (== net452) (< portable-net45+win8+wp8+wpa81)) (&& (== net47) (< net45)) (&& (== net47) (< portable-net45+win8+wp8+wpa81)) (&& (== net471) (< net45)) (&& (== net471) (< portable-net45+win8+wp8+wpa81)) (== netstandard2.0)
    Xamarin.Forms (3.1.0.637273)
