RESTRICTION: || (== net452) (== portable-net45+win8)
NUGET
  remote: https://www.nuget.org/api/v2
    Fluent.Extensions (1.0)
    FSharp.Core (4.2.3) - redirects: on
    FsUnit (3.0)
      FSharp.Core (>= 3.1.2.5)
      NUnit (>= 3.6)
    NUnit (3.9)
    System.Xml.ReaderWriter (4.3)
    Xamarin.Forms (2.5.0.91635)
